PATH
  remote: ../../foobara
  specs:
    foobara (0.1.0)
      bigdecimal
      foobara-lru-cache (< 2.0.0)
      foobara-util (< 2.0.0)
      inheritable-thread-vars (< 2.0.0)

PATH
  remote: ../../json-schema-generator
  specs:
    foobara-json-schema-generator (1.1.0)
      foobara (>= 0.1.0, < 2.0.0)

PATH
  remote: ../../local-files-crud-driver
  specs:
    foobara-local-files-crud-driver (0.0.10)
      foobara (>= 0.1.0, < 2.0.0)

PATH
  remote: ..
  specs:
    foobara-mcp-connector (1.0.0)
      foobara (>= 0.1.0, < 2.0.0)
      foobara-json-schema-generator (< 2.0.0)

GEM
  remote: https://rubygems.org/
  specs:
    ast (2.4.3)
    bigdecimal (3.2.2)
    byebug (12.0.0)
    coderay (1.1.3)
    date (3.4.1)
    erb (5.0.2)
    foobara-lru-cache (1.0.0)
    foobara-rubocop-rules (1.0.1)
      rubocop
      rubocop-rspec
    foobara-util (1.0.2)
    inheritable-thread-vars (0.0.3)
    io-console (0.8.1)
    irb (1.15.2)
      pp (>= 0.6.0)
      rdoc (>= 4.0.0)
      reline (>= 0.4.2)
    json (2.13.2)
    language_server-protocol (3.17.0.5)
    lint_roller (1.1.0)
    method_source (1.1.0)
    parallel (1.27.0)
    parser (3.3.9.0)
      ast (~> 2.4.1)
      racc
    pp (0.6.2)
      prettyprint
    prettyprint (0.2.0)
    prism (1.4.0)
    pry (0.15.2)
      coderay (~> 1.1)
      method_source (~> 1.0)
    pry-byebug (3.11.0)
      byebug (~> 12.0)
      pry (>= 0.13, < 0.16)
    psych (5.2.6)
      date
      stringio
    racc (1.8.1)
    rainbow (3.1.1)
    rdoc (6.14.2)
      erb
      psych (>= 4.0.0)
    regexp_parser (2.11.2)
    reline (0.6.2)
      io-console (~> 0.5)
    rubocop (1.79.2)
      json (~> 2.3)
      language_server-protocol (~> 3.17.0.2)
      lint_roller (~> 1.1.0)
      parallel (~> 1.10)
      parser (>= 3.3.0.2)
      rainbow (>= 2.2.2, < 4.0)
      regexp_parser (>= 2.9.3, < 3.0)
      rubocop-ast (>= 1.46.0, < 2.0)
      ruby-progressbar (~> 1.7)
      unicode-display_width (>= 2.4.0, < 4.0)
    rubocop-ast (1.46.0)
      parser (>= 3.3.7.2)
      prism (~> 1.4)
    rubocop-rake (0.7.1)
      lint_roller (~> 1.1)
      rubocop (>= 1.72.1)
    rubocop-rspec (3.6.0)
      lint_roller (~> 1.1)
      rubocop (~> 1.72, >= 1.72.1)
    ruby-progressbar (1.13.0)
    stringio (3.1.7)
    unicode-display_width (3.1.5)
      unicode-emoji (~> 4.0, >= 4.0.4)
    unicode-emoji (4.0.4)

PLATFORMS
  ruby
  x86_64-linux

DEPENDENCIES
  foobara (>= 0.1.0, < 2.0.0)!
  foobara-json-schema-generator!
  foobara-local-files-crud-driver (< 2.0.0)!
  foobara-mcp-connector!
  foobara-rubocop-rules (>= 1.0.0)
  irb
  pry
  pry-byebug
  rubocop-rake

BUNDLED WITH
   2.6.6
