PATH
  remote: ../../foobara
  specs:
    foobara (0.0.98)
      bigdecimal
      foobara-lru-cache (~> 0.0.2)
      foobara-util (~> 0.0.11)

PATH
  remote: ..
  specs:
    foobara-mcp-connector (0.0.1)
      foobara (~> 0.0.94)
      foobara-json-schema-generator (~> 0.0.1)

GEM
  remote: https://rubygems.org/
  specs:
    ast (2.4.3)
    bigdecimal (3.1.9)
    byebug (12.0.0)
    coderay (1.1.3)
    date (3.4.1)
    foobara-json-schema-generator (0.0.4)
      foobara (~> 0.0.92)
    foobara-local-files-crud-driver (0.0.8)
      foobara
    foobara-lru-cache (0.0.2)
    foobara-rubocop-rules (0.0.8)
      rubocop
      rubocop-rspec
    foobara-util (0.0.11)
    io-console (0.8.0)
    irb (1.15.2)
      pp (>= 0.6.0)
      rdoc (>= 4.0.0)
      reline (>= 0.4.2)
    json (2.10.2)
    language_server-protocol (3.17.0.4)
    lint_roller (1.1.0)
    method_source (1.1.0)
    parallel (1.26.3)
    parser (3.3.7.4)
      ast (~> 2.4.1)
      racc
    pp (0.6.2)
      prettyprint
    prettyprint (0.2.0)
    prism (1.4.0)
    pry (0.15.2)
      coderay (~> 1.1)
      method_source (~> 1.0)
    pry-byebug (3.11.0)
      byebug (~> 12.0)
      pry (>= 0.13, < 0.16)
    psych (5.2.3)
      date
      stringio
    racc (1.8.1)
    rainbow (3.1.1)
    rdoc (6.13.1)
      psych (>= 4.0.0)
    regexp_parser (2.10.0)
    reline (0.6.1)
      io-console (~> 0.5)
    rubocop (1.75.2)
      json (~> 2.3)
      language_server-protocol (~> 3.17.0.2)
      lint_roller (~> 1.1.0)
      parallel (~> 1.10)
      parser (>= 3.3.0.2)
      rainbow (>= 2.2.2, < 4.0)
      regexp_parser (>= 2.9.3, < 3.0)
      rubocop-ast (>= 1.44.0, < 2.0)
      ruby-progressbar (~> 1.7)
      unicode-display_width (>= 2.4.0, < 4.0)
    rubocop-ast (1.44.0)
      parser (>= 3.3.7.2)
      prism (~> 1.4)
    rubocop-rspec (3.5.0)
      lint_roller (~> 1.1)
      rubocop (~> 1.72, >= 1.72.1)
    ruby-progressbar (1.13.0)
    stringio (3.1.6)
    unicode-display_width (3.1.4)
      unicode-emoji (~> 4.0, >= 4.0.4)
    unicode-emoji (4.0.4)

PLATFORMS
  ruby
  x86_64-linux

DEPENDENCIES
  foobara (~> 0.0.98)!
  foobara-local-files-crud-driver (~> 0.0.1)
  foobara-mcp-connector!
  foobara-rubocop-rules (~> 0.0.1)
  irb
  pry
  pry-byebug

BUNDLED WITH
   2.6.6
